PATH
  remote: .
  specs:
    hatetepe (0.5.1)
      em-synchrony (~> 1.0)
      eventmachine (~> 1.0.0.beta.4)
      http_parser.rb (~> 0.5.3)
      rack
      thor

GEM
  remote: https://rubygems.org/
  specs:
    awesome_print (1.1.0)
    diff-lcs (1.2.4)
    em-synchrony (1.0.3)
      eventmachine (>= 1.0.0.beta.1)
    eventmachine (1.0.3)
    eventmachine (1.0.3-java)
    http_parser.rb (0.5.3)
    http_parser.rb (0.5.3-java)
    kramdown (1.1.0)
    rack (1.5.2)
    rake (10.1.0)
    rspec (2.14.1)
      rspec-core (~> 2.14.0)
      rspec-expectations (~> 2.14.0)
      rspec-mocks (~> 2.14.0)
    rspec-core (2.14.4)
    rspec-expectations (2.14.1)
      diff-lcs (>= 1.1.3, < 2.0)
    rspec-mocks (2.14.3)
    thor (0.18.1)
    yard (0.8.7)

PLATFORMS
  java
  ruby

DEPENDENCIES
  awesome_print
  hatetepe!
  kramdown
  rake
  rspec
  yard
